GEM
  remote: https://rubygems.org/
  specs:
    ast (2.4.2)
    parser (3.2.2.3)
      ast (~> 2.4.1)
      racc
    power_assert (2.0.3)
    racc (1.7.1)
    rake (13.0.6)
    test-unit (3.6.1)
      power_assert
    yarp (0.12.0)

PLATFORMS
  arm64-darwin-22

DEPENDENCIES
  parser
  rake
  test-unit
  yarp (~> 0.11)

BUNDLED WITH
   2.4.12
