PATH
  remote: .
  specs:
    parser-yarp (0.1.0)
      parser
      yarp

GEM
  remote: https://rubygems.org/
  specs:
    ast (2.4.2)
    benchmark-ips (2.12.0)
    parser (3.2.2.3)
      ast (~> 2.4.1)
      racc
    power_assert (2.0.3)
    racc (1.7.1)
    rake (13.0.6)
    test-unit (3.6.1)
      power_assert
    yarp (0.12.0)

PLATFORMS
  arm64-darwin-22

DEPENDENCIES
  benchmark-ips
  parser-yarp!
  rake
  test-unit

BUNDLED WITH
   2.4.12
